GEM
  remote: https://rubygems.org/
  specs:
    httpi (2.3.0)
      rack
    libxml-ruby (2.8.0)
    rack (1.5.2)

PLATFORMS
  ruby

DEPENDENCIES
  httpi
  libxml-ruby
